GEM
  remote: https://rubygems.org/
  specs:
    ai-chat (0.2.2)
      base64 (> 0.1.1)
      json (~> 2.0)
      marcel (~> 1.0)
      openai (~> 0.16)
    amazing_print (1.8.1)
    base64 (0.3.0)
    connection_pool (2.5.3)
    dotenv (3.1.8)
    json (2.13.2)
    marcel (1.0.4)
    openai (0.17.1)
      connection_pool

PLATFORMS
  x86_64-linux

DEPENDENCIES
  ai-chat
  amazing_print
  dotenv

BUNDLED WITH
   2.4.6
